GEM
  remote: https://rubygems.org/
  specs:
    multi_json (1.14.1)
    streamio-ffmpeg (3.0.2)
      multi_json (~> 1.8)

PLATFORMS
  ruby

DEPENDENCIES
  streamio-ffmpeg

BUNDLED WITH
   2.1.2
